GEM
  remote: https://rubygems.org/
  specs:
    acronym (0.1.4)
    byebug (11.1.1)
    countries (3.0.1)
      i18n_data (~> 0.10.0)
      sixarm_ruby_unaccent (~> 1.1)
      unicode_utils (~> 1.4)
    domain_name (0.5.20190701)
      unf (>= 0.0.5, < 1.0.0)
    http-accept (1.7.0)
    http-cookie (1.0.3)
      domain_name (~> 0.5)
    i18n_data (0.10.0)
    mime-types (3.3.1)
      mime-types-data (~> 3.2015)
    mime-types-data (3.2019.1009)
    netrc (0.11.0)
    rest-client (2.1.0)
      http-accept (>= 1.7.0, < 2.0)
      http-cookie (>= 1.0.2, < 2.0)
      mime-types (>= 1.16, < 4.0)
      netrc (~> 0.8)
    sixarm_ruby_unaccent (1.2.0)
    unf (0.1.4)
      unf_ext
    unf_ext (0.0.7.7)
    unicode_utils (1.4.0)

PLATFORMS
  ruby

DEPENDENCIES
  acronym (~> 0.1.4)
  byebug (~> 11.1.1)
  countries (~> 3.0.1)
  rest-client (~> 2.1.0)

RUBY VERSION
   ruby 2.7.0p0

BUNDLED WITH
   2.1.2
